GEM
  remote: http://rubygems.org/
  specs:
    celluloid (0.11.0)
    connection_pool (0.9.1)
    multi_json (1.3.6)
    redis (3.0.1)
    redis-namespace (1.2.0)
      redis (~> 3.0.0)
    sidekiq (2.0.3)
      celluloid (~> 0.11.0)
      connection_pool (~> 0.9.0)
      multi_json (~> 1)
      redis (~> 3)
      redis-namespace

PLATFORMS
  ruby

DEPENDENCIES
  sidekiq
